GEM
  remote: http://rubygems.org/
  specs:
    diff-lcs (1.1.2)
    git (1.2.5)
    hpricot (0.8.4)
    jeweler (1.6.2)
      bundler (~> 1.0)
      git (>= 1.2.5)
      rake
    mustache (0.99.4)
    rake (0.9.2)
    rdiscount (1.6.8)
    redcarpet (1.17.2)
    rocco (0.8.1)
      mustache
      redcarpet
    ronn (0.7.3)
      hpricot (>= 0.8.2)
      mustache (>= 0.7.0)
      rdiscount (>= 1.5.8)
    rspec (2.3.0)
      rspec-core (~> 2.3.0)
      rspec-expectations (~> 2.3.0)
      rspec-mocks (~> 2.3.0)
    rspec-core (2.3.1)
    rspec-expectations (2.3.0)
      diff-lcs (~> 1.1.2)
    rspec-mocks (2.3.0)
    thor (0.14.6)

PLATFORMS
  ruby

DEPENDENCIES
  jeweler (~> 1.6.2)
  mustache (~> 0.99.4)
  rake (~> 0.9.2)
  rocco
  ronn
  rspec (~> 2.3.0)
  thor (~> 0.14.6)
